GEM
  remote: https://rubygems.org/
  specs:
    base64 (0.2.0)
    foreman (0.88.1)
    haml (6.3.0)
      temple (>= 0.8.2)
      thor
      tilt
    mustermann (3.0.0)
      ruby2_keywords (~> 0.0.1)
    rack (3.0.11)
    rack-protection (4.0.0)
      base64 (>= 0.1.0)
      rack (>= 3.0.0, < 4)
    rack-rewrite (1.5.1)
    rack-session (2.0.0)
      rack (>= 3.0.0)
    rackup (2.1.0)
      rack (>= 3)
      webrick (~> 1.8)
    ruby2_keywords (0.0.5)
    sinatra (4.0.0)
      mustermann (~> 3.0)
      rack (>= 3.0.0, < 4)
      rack-protection (= 4.0.0)
      rack-session (>= 2.0.0, < 3)
      tilt (~> 2.0)
    temple (0.10.3)
    thor (1.3.1)
    tilt (2.3.0)
    webrick (1.8.1)

PLATFORMS
  ruby

DEPENDENCIES
  foreman
  haml
  rack-rewrite
  rackup
  sinatra

RUBY VERSION
   ruby 3.3.5p100

BUNDLED WITH
   2.5.18
