GEM
  remote: https://rubygems.org/
  specs:
    concurrent-ruby (1.1.10)
    execjs (2.8.1)
    ffi (1.15.5)
    haml (5.2.2)
      temple (>= 0.8.0)
      tilt
    mustermann (2.0.2)
      ruby2_keywords (~> 0.0.1)
    rack (2.2.4)
    rack-protection (2.2.2)
      rack
    rack-rewrite (1.5.1)
    ruby2_keywords (0.0.5)
    sassc (2.4.0)
      ffi (~> 1.9)
    shotgun (0.9.2)
      rack (>= 1.0)
    sinatra (2.2.2)
      mustermann (~> 2.0)
      rack (~> 2.2)
      rack-protection (= 2.2.2)
      tilt (~> 2.0)
    sprockets (4.1.1)
      concurrent-ruby (~> 1.0)
      rack (> 1, < 3)
    temple (0.8.2)
    tilt (2.0.11)
    uglifier (4.2.0)
      execjs (>= 0.3.0, < 3)

PLATFORMS
  ruby

DEPENDENCIES
  haml
  rack-rewrite
  sassc
  shotgun
  sinatra
  sprockets
  uglifier

RUBY VERSION
   ruby 2.7.7p221

BUNDLED WITH
   2.1.4
